GIT
  remote: git://github.com/amatsuda/kaminari.git
  revision: 90a1cd0084807ee160ecf48f8a630458a7f1cfc7
  specs:
    kaminari (1.0.0.alpha)
      actionpack (>= 3.0.0)
      activesupport (>= 3.0.0)

GIT
  remote: git://github.com/padrino/padrino-framework.git
  revision: f05e39d2aed4e33f7b26ea0370ee54b0144b8de7
  specs:
    padrino (0.13.0.beta3)
      padrino-admin (= 0.13.0.beta3)
      padrino-cache (= 0.13.0.beta3)
      padrino-core (= 0.13.0.beta3)
      padrino-gen (= 0.13.0.beta3)
      padrino-helpers (= 0.13.0.beta3)
      padrino-mailer (= 0.13.0.beta3)
      padrino-support (= 0.13.0.beta3)
    padrino-admin (0.13.0.beta3)
      padrino-core (= 0.13.0.beta3)
      padrino-helpers (= 0.13.0.beta3)
    padrino-cache (0.13.0.beta3)
      moneta (~> 0.7.0)
      padrino-core (= 0.13.0.beta3)
      padrino-helpers (= 0.13.0.beta3)
    padrino-core (0.13.0.beta3)
      activesupport (>= 3.1)
      mustermann19
      padrino-support (= 0.13.0.beta3)
      rack-protection (>= 1.5.0)
      sinatra (~> 1.4.6)
      thor (~> 0.18)
    padrino-gen (0.13.0.beta3)
      bundler (~> 1.0)
      padrino-core (= 0.13.0.beta3)
    padrino-helpers (0.13.0.beta3)
      i18n (~> 0.6, >= 0.6.7)
      padrino-support (= 0.13.0.beta3)
      tilt (~> 1.4.1)
    padrino-mailer (0.13.0.beta3)
      mail (~> 2.5.3)
      padrino-core (= 0.13.0.beta3)
    padrino-support (0.13.0.beta3)
      activesupport (>= 3.1)

GEM
  remote: https://rubygems.org/
  specs:
    actionpack (4.2.4)
      actionview (= 4.2.4)
      activesupport (= 4.2.4)
      rack (~> 1.6)
      rack-test (~> 0.6.2)
      rails-dom-testing (~> 1.0, >= 1.0.5)
      rails-html-sanitizer (~> 1.0, >= 1.0.2)
    actionview (4.2.4)
      activesupport (= 4.2.4)
      builder (~> 3.1)
      erubis (~> 2.7.0)
      rails-dom-testing (~> 1.0, >= 1.0.5)
      rails-html-sanitizer (~> 1.0, >= 1.0.2)
    activemodel (4.2.4)
      activesupport (= 4.2.4)
      builder (~> 3.1)
    activesupport (4.2.4)
      i18n (~> 0.7)
      json (~> 1.7, >= 1.7.7)
      minitest (~> 5.1)
      thread_safe (~> 0.3, >= 0.3.4)
      tzinfo (~> 1.1)
    axiom-types (0.1.1)
      descendants_tracker (~> 0.0.4)
      ice_nine (~> 0.11.0)
      thread_safe (~> 0.3, >= 0.3.1)
    bson (3.2.4)
    builder (3.2.2)
    chronic (0.10.2)
    coercible (1.0.0)
      descendants_tracker (~> 0.0.1)
    descendants_tracker (0.0.4)
      thread_safe (~> 0.3, >= 0.3.1)
    enumerable-lazy (0.0.1)
    equalizer (0.0.11)
    erubis (2.7.0)
    execjs (2.6.0)
    grape (0.13.0)
      activesupport
      builder
      hashie (>= 2.1.0)
      multi_json (>= 1.3.2)
      multi_xml (>= 0.5.2)
      rack (>= 1.3.0)
      rack-accept
      rack-mount
      virtus (>= 1.0.0)
    grape-entity (0.4.8)
      activesupport
      multi_json (>= 1.3.2)
    haml (4.0.7)
      tilt
    hashie (3.4.2)
    i18n (0.7.0)
    ice_nine (0.11.1)
    json (1.8.3)
    loofah (2.0.3)
      nokogiri (>= 1.5.9)
    mail (2.5.4)
      mime-types (~> 1.16)
      treetop (~> 1.4.8)
    mime-types (1.25.1)
    mini_portile (0.6.2)
    minitest (5.8.0)
    moneta (0.7.20)
    mongo (2.1.0)
      bson (~> 3.0)
    mongoid (5.0.0)
      activemodel (~> 4.0)
      mongo (~> 2.1)
      origin (~> 2.1)
      tzinfo (>= 0.3.37)
    multi_json (1.11.2)
    multi_xml (0.5.5)
    mustermann19 (0.4.0)
      enumerable-lazy
    netrc (0.7.9)
    nokogiri (1.6.6.2)
      mini_portile (~> 0.6.0)
    oj (2.12.14)
    origin (2.1.1)
    padrino-sprockets (0.0.3)
      sprockets
    polyglot (0.3.5)
    puma (2.14.0)
    rack (1.6.4)
    rack-accept (0.4.5)
      rack (>= 0.4)
    rack-mount (0.8.3)
      rack (>= 1.0.0)
    rack-protection (1.5.3)
      rack
    rack-test (0.6.3)
      rack (>= 1.0)
    rails-deprecated_sanitizer (1.0.3)
      activesupport (>= 4.2.0.alpha)
    rails-dom-testing (1.0.7)
      activesupport (>= 4.2.0.beta, < 5.0)
      nokogiri (~> 1.6.0)
      rails-deprecated_sanitizer (>= 1.0.1)
    rails-html-sanitizer (1.0.2)
      loofah (~> 2.0)
    rake (10.4.2)
    redis (3.2.1)
    rest_client (1.8.3)
      netrc (~> 0.7.7)
    sinatra (1.4.6)
      rack (~> 1.4)
      rack-protection (~> 1.4)
      tilt (>= 1.3, < 3)
    sprockets (3.3.4)
      rack (~> 1.0)
    thor (0.19.1)
    thread_safe (0.3.5)
    tilt (1.4.1)
    treetop (1.4.15)
      polyglot
      polyglot (>= 0.3.1)
    tzinfo (1.2.2)
      thread_safe (~> 0.1)
    uglifier (2.7.2)
      execjs (>= 0.3.0)
      json (>= 1.8.0)
    virtus (1.0.5)
      axiom-types (~> 0.1)
      coercible (~> 1.0)
      descendants_tracker (~> 0.0, >= 0.0.3)
      equalizer (~> 0.0, >= 0.0.9)
    whenever (0.9.4)
      chronic (>= 0.6.3)
    yui-compressor (0.12.0)

PLATFORMS
  ruby

DEPENDENCIES
  grape
  grape-entity
  haml
  kaminari!
  mongoid (~> 5.0.0)
  nokogiri
  oj
  padrino!
  padrino-sprockets
  puma
  rake
  redis
  rest_client
  uglifier
  virtus
  whenever
  yui-compressor

BUNDLED WITH
   1.10.6
